GEM
  remote: https://rubygems.org/
  specs:
    backports (3.23.0)
    bcrypt (3.1.18)
    coderay (1.1.3)
    dotenv (2.8.1)
    erubis (2.7.0)
    geocoder (1.8.0)
    method_source (1.0.0)
    multi_json (1.15.0)
    nio4r (2.5.8)
    pg (1.4.2)
    pry (0.14.1)
      coderay (~> 1.1)
      method_source (~> 1.0)
    puma (5.6.4)
      nio4r (~> 2.0)
    rack (1.6.13)
    rack-protection (1.5.5)
      rack
    rack-test (2.0.2)
      rack (>= 1.3)
    securerandom (0.2.0)
    sinatra (1.4.8)
      rack (~> 1.5)
      rack-protection (~> 1.4)
      tilt (>= 1.3, < 3)
    sinatra-contrib (1.4.7)
      backports (>= 2.0)
      multi_json
      rack-protection
      rack-test
      sinatra (~> 1.4.0)
      tilt (>= 1.3, < 3)
    tilt (2.0.11)

PLATFORMS
  x86_64-darwin-20

DEPENDENCIES
  bcrypt (~> 3.1.18)
  dotenv
  erubis
  geocoder
  pg
  pry
  puma
  rack
  securerandom
  sinatra (~> 1.4.7)
  sinatra-contrib

RUBY VERSION
   ruby 2.7.4p191

BUNDLED WITH
   2.3.9
